PATH
  remote: .
  specs:
    peter-mueller (1.0.1)

GEM
  remote: http://rubygems.org/
  specs:
    ZenTest (4.7.0)
    diff-lcs (1.1.3)
    rake (0.9.2.2)
    rspec (2.9.0)
      rspec-core (~> 2.9.0)
      rspec-expectations (~> 2.9.0)
      rspec-mocks (~> 2.9.0)
    rspec-core (2.9.0)
    rspec-expectations (2.9.1)
      diff-lcs (~> 1.1.3)
    rspec-mocks (2.9.0)

PLATFORMS
  ruby

DEPENDENCIES
  ZenTest (>= 4.7.0)
  peter-mueller!
  rake (>= 0.9.2)
  rspec (>= 2.9)
