PATH
  remote: .
  specs:
    peter-mueller (1.0.2)

GEM
  remote: http://rubygems.org/
  specs:
    ZenTest (4.8.4)
    diff-lcs (1.1.3)
    rake (10.0.3)
    rspec (2.12.0)
      rspec-core (~> 2.12.0)
      rspec-expectations (~> 2.12.0)
      rspec-mocks (~> 2.12.0)
    rspec-core (2.12.2)
    rspec-expectations (2.12.1)
      diff-lcs (~> 1.1.3)
    rspec-mocks (2.12.1)

PLATFORMS
  ruby

DEPENDENCIES
  ZenTest (>= 4.7.0)
  peter-mueller!
  rake (>= 0.9.2)
  rspec (>= 2.9)
